GEM
  remote: https://rubygems.org/
  specs:
    activesupport (4.0.4)
      i18n (~> 0.6, >= 0.6.9)
      minitest (~> 4.2)
      multi_json (~> 1.3)
      thread_safe (~> 0.1)
      tzinfo (~> 0.3.37)
    builder (3.2.2)
    curb (0.8.6)
    faraday (0.9.0)
      multipart-post (>= 1.2, < 3)
    feedbag (0.9.2)
      hpricot (>= 0.6)
    feedjira (0.9.0)
      curb (~> 0.8.1)
      loofah (~> 1.2.1)
      sax-machine (~> 0.2.1)
    hashie (2.0.5)
    home_run (1.0.9)
    hpricot (0.8.6)
    i18n (0.6.9)
    loofah (1.2.1)
      nokogiri (>= 1.4.4)
    mini_portile (0.5.3)
    minitest (4.7.5)
    multi_json (1.9.2)
    multipart-post (2.0.0)
    nokogiri (1.6.1)
      mini_portile (~> 0.5.0)
    oj (2.7.1)
    rabl (0.9.3)
      activesupport (>= 2.3.14)
    rack (1.5.2)
    rack-cache (1.2)
      rack (>= 0.4)
    rack-protection (1.5.2)
      rack
    sax-machine (0.2.1)
      nokogiri (~> 1.6.0)
    sentry-raven (0.7.1)
      faraday (>= 0.7.6)
      hashie (>= 1.1.0)
      uuidtools
    sinatra (1.4.4)
      rack (~> 1.4)
      rack-protection (~> 1.4)
      tilt (~> 1.3, >= 1.3.4)
    sinatra-cross_origin (0.3.2)
    thread_safe (0.3.2)
    tilt (1.4.1)
    tzinfo (0.3.39)
    uuidtools (2.1.4)

PLATFORMS
  ruby

DEPENDENCIES
  builder
  feedbag
  feedjira (~> 0.9.0)
  home_run
  oj
  rabl
  rack-cache
  sentry-raven
  sinatra
  sinatra-cross_origin
